PATH
  remote: .
  specs:
    rapgenius (0.0.2)
      httparty (~> 0.11.0)
      nokogiri (~> 1.6.0)

GEM
  remote: https://rubygems.org/
  specs:
    addressable (2.3.5)
    crack (0.4.1)
      safe_yaml (~> 0.9.0)
    diff-lcs (1.2.4)
    httparty (0.11.0)
      multi_json (~> 1.0)
      multi_xml (>= 0.5.2)
    metaclass (0.0.1)
    mini_portile (0.5.1)
    mocha (0.14.0)
      metaclass (~> 0.0.1)
    multi_json (1.7.9)
    multi_xml (0.5.5)
    nokogiri (1.6.0)
      mini_portile (~> 0.5.0)
    rspec (2.14.1)
      rspec-core (~> 2.14.0)
      rspec-expectations (~> 2.14.0)
      rspec-mocks (~> 2.14.0)
    rspec-core (2.14.5)
    rspec-expectations (2.14.2)
      diff-lcs (>= 1.1.3, < 2.0)
    rspec-mocks (2.14.3)
    safe_yaml (0.9.5)
    vcr (2.5.0)
    webmock (1.13.0)
      addressable (>= 2.2.7)
      crack (>= 0.3.2)

PLATFORMS
  ruby

DEPENDENCIES
  mocha (~> 0.14.0)
  rapgenius!
  rspec (~> 2.14.1)
  vcr (~> 2.5.0)
  webmock (~> 1.13.0)
